GIT
  remote: git://github.com/running-clubs/generator.git
  revision: 01c571b5d56eed7d855fe2f712639cc1153e9892
  specs:
    generator (0.1.0)
      erubis
      http
      icalendar
      ice_cube
      redcarpet
      tzinfo

GEM
  remote: https://rubygems.org/
  specs:
    addressable (2.5.2)
      public_suffix (>= 2.0.2, < 4.0)
    domain_name (0.5.20170404)
      unf (>= 0.0.5, < 1.0.0)
    erubis (2.7.0)
    http (3.0.0)
      addressable (~> 2.3)
      http-cookie (~> 1.0)
      http-form_data (>= 2.0.0.pre.pre2, < 3)
      http_parser.rb (~> 0.6.0)
    http-cookie (1.0.3)
      domain_name (~> 0.5)
    http-form_data (2.0.0)
    http_parser.rb (0.6.0)
    icalendar (2.4.1)
    ice_cube (0.16.2)
    public_suffix (3.0.1)
    redcarpet (3.4.0)
    thread_safe (0.3.6)
    tzinfo (1.2.4)
      thread_safe (~> 0.1)
    unf (0.1.4)
      unf_ext
    unf_ext (0.0.7.4)

PLATFORMS
  ruby

DEPENDENCIES
  generator!

BUNDLED WITH
   1.16.1
